{
    "TaskName": "buttonpress",
    "Manufacturer": "BrainProducts",
    "PowerLineFrequency": 50,
    "SamplingFrequency": 1375.0,
    "SoftwareFilters": "n/a",
    "RecordingDuration": 18.0,
    "RecordingType": "continuous",
    "iEEGReference": "n/a",
    "ECOGChannelCount": 6,
    "SEEGChannelCount": 5,
    "EEGChannelCount": 0,
    "EOGChannelCount": 0,
    "ECGChannelCount": 0,
    "EMGChannelCount": 0,
    "MiscChannelCount": 3,
    "TriggerChannelCount": 0
}
