Brain Vision Data Exchange Header File Version 1.0
; Written using pybv 0.6.0

[Common Infos]
Codepage=UTF-8
DataFile=sub-testsub_ses-EphysMedOff_task-buttonpress_run-0_ieeg.eeg
MarkerFile=sub-testsub_ses-EphysMedOff_task-buttonpress_run-0_ieeg.vmrk
DataFormat=BINARY
; Data orientation: MULTIPLEXED=ch1,pt1, ch2,pt1 ...
DataOrientation=MULTIPLEXED
NumberOfChannels=15
; Sampling interval in microseconds
SamplingInterval=727.2727272727273

[Binary Infos]
BinaryFormat=IEEE_FLOAT_32

[Channel Infos]
; Each entry: Ch<Channel number>=<Name>,<Reference channel name>,
; <Resolution in "Unit">,<Unit>, Future extensions..
; Fields are delimited by commas, some fields might be omitted (empty).
; Commas in channel names are coded as "\1".
Ch1=ANALOG_R_ROTA_CH,,0.1,µV
Ch2=ECOG_L_1_SMC_AT,,0.1,µV
Ch3=ECOG_L_2_SMC_AT,,0.1,µV
Ch4=ECOG_L_3_SMC_AT,,0.1,µV
Ch5=ECOG_L_4_SMC_AT,,0.1,µV
Ch6=ECOG_L_5_SMC_AT,,0.1,µV
Ch7=ECOG_L_6_SMC_AT,,0.1,µV
Ch8=EEG_AO,,0.1,µV
Ch9=LFP_L_1_STN_BS,,0.1,µV
Ch10=LFP_L_234_STN_BS,,0.1,µV
Ch11=LFP_L_567_STN_BS,,0.1,µV
Ch12=LFP_R_234_STN_BS,,0.1,µV
Ch13=LFP_R_567_STN_BS,,0.1,µV
Ch14=SQUARED_ARTIFACT,,0.1,µV
Ch15=SQUARED_ROTATION,,0.1,µV

[Comment]

