Brain Vision Data Exchange Header File Version 1.0
; Written using pybv 0.7.5

[Common Infos]
Codepage=UTF-8
DataFile=sub-testsub_ses-EphysMedOff_task-gripforce_run-0_ieeg.eeg
MarkerFile=sub-testsub_ses-EphysMedOff_task-gripforce_run-0_ieeg.vmrk
DataFormat=BINARY
; Data orientation: MULTIPLEXED=ch1,pt1, ch2,pt1 ...
DataOrientation=MULTIPLEXED
NumberOfChannels=10
; Sampling interval in microseconds
SamplingInterval=1000.0

[Binary Infos]
BinaryFormat=IEEE_FLOAT_32

[Channel Infos]
; Each entry: Ch<Channel number>=<Name>,<Reference channel name>,
; <Resolution in "Unit">,<Unit>, Future extensions..
; Fields are delimited by commas, some fields might be omitted (empty).
; Commas in channel names are coded as "\1".
Ch1=LFP_RIGHT_0,,0.1,µV
Ch2=LFP_RIGHT_1,,0.1,µV
Ch3=LFP_RIGHT_2,,0.1,µV
Ch4=ECOG_RIGHT_0,,0.1,µV
Ch5=ECOG_RIGHT_1,,0.1,µV
Ch6=ECOG_RIGHT_2,,0.1,µV
Ch7=ECOG_RIGHT_3,,0.1,µV
Ch8=ECOG_RIGHT_4,,0.1,µV
Ch9=ECOG_RIGHT_5,,0.1,µV
Ch10=MOV_RIGHT,,0.1,µV

[Comment]

