{
    "TaskName": "gripforce",
    "Manufacturer": "Brain Products",
    "PowerLineFrequency": 60.0,
    "SamplingFrequency": 1000.0,
    "SoftwareFilters": "n/a",
    "RecordingDuration": 19.0,
    "RecordingType": "continuous",
    "iEEGReference": "n/a",
    "ECOGChannelCount": 6,
    "SEEGChannelCount": 3,
    "EEGChannelCount": 0,
    "EOGChannelCount": 0,
    "ECGChannelCount": 0,
    "EMGChannelCount": 0,
    "MiscChannelCount": 1,
    "TriggerChannelCount": 0
}
