{
    "TaskName": "force",
    "Manufacturer": "BrainProducts",
    "PowerLineFrequency": 60,
    "SamplingFrequency": 1000.0,
    "SoftwareFilters": "n/a",
    "RecordingDuration": 281.999,
    "RecordingType": "continuous",
    "iEEGReference": "n/a",
    "ECOGChannelCount": 6,
    "SEEGChannelCount": 3,
    "EEGChannelCount": 0,
    "EOGChannelCount": 0,
    "ECGChannelCount": 0,
    "EMGChannelCount": 0,
    "MiscChannelCount": 4,
    "TriggerChannelCount": 0
}
