Brain Vision Data Exchange Header File Version 1.0
;Written using pybv 0.3.0

[Common Infos]
Codepage=UTF-8
DataFile=sub-000_ses-right_task-force_run-3_ieeg.eeg
MarkerFile=sub-000_ses-right_task-force_run-3_ieeg.vmrk
DataFormat=BINARY
; DataOrientation: MULTIPLEXED=ch1,pt1, ch2,pt1 ...
DataOrientation=MULTIPLEXED
NumberOfChannels=13
; Sampling interval in microseconds
SamplingInterval=1000

[Binary Infos]
BinaryFormat=IEEE_FLOAT_32

[Channel Infos]
; Each entry: Ch<Channel number>=<Name>,<Reference channel name>,
; <Resolution in "unit">,<unit>,Future extensions…
; Fields are delimited by commas, some fields might be omitted (empty).
; Commas in channel names are coded as "\1".
Ch1=LFP_RIGHT_0,,0.1,µV
Ch2=LFP_RIGHT_1,,0.1,µV
Ch3=LFP_RIGHT_2,,0.1,µV
Ch4=ECOG_RIGHT_0,,0.1,µV
Ch5=ECOG_RIGHT_1,,0.1,µV
Ch6=ECOG_RIGHT_2,,0.1,µV
Ch7=ECOG_RIGHT_3,,0.1,µV
Ch8=ECOG_RIGHT_4,,0.1,µV
Ch9=ECOG_RIGHT_5,,0.1,µV
Ch10=MOV_RIGHT,,0.1,µV
Ch11=MOV_LEFT,,0.1,µV
Ch12=MOV_RIGHT_CLEAN,,0.1,µV
Ch13=MOV_LEFT_CLEAN,,0.1,µV

[Comment]
